GEM
  remote: https://rubygems.org/
  specs:
    codecov (0.1.17)
      json
      simplecov
      url
    docile (1.3.2)
    json (2.3.1)
    minitest (5.14.1)
    simplecov (0.18.5)
      docile (~> 1.1)
      simplecov-html (~> 0.11)
    simplecov-html (0.12.2)
    url (0.3.2)

PLATFORMS
  ruby

DEPENDENCIES
  codecov
  minitest (~> 5.4)
  simplecov (~> 0.18.0)

BUNDLED WITH
   2.1.4
